GEM
  remote: https://rubygems.org/
  specs:
    barista (1.3.0)
      coffee-script (~> 2.2)
    coffee-script (2.4.1)
      coffee-script-source
      execjs
    coffee-script-source (1.9.1.1)
    execjs (2.5.2)
    haml (4.0.6)
      tilt
    kgio (2.9.3)
    libv8 (3.16.14.7)
    mustermann (2.0.2)
      ruby2_keywords (~> 0.0.1)
    rack (2.2.4)
    rack-protection (2.2.3)
      rack
    raindrops (0.13.0)
    ref (1.0.5)
    ruby2_keywords (0.0.5)
    sass (3.4.13)
    sinatra (2.2.3)
      mustermann (~> 2.0)
      rack (~> 2.2)
      rack-protection (= 2.2.3)
      tilt (~> 2.0)
    therubyracer (0.12.2)
      libv8 (~> 3.16.14.0)
      ref
    tilt (2.0.11)
    unicorn (4.9.0)
      kgio (~> 2.6)
      rack
      raindrops (~> 0.7)

PLATFORMS
  ruby

DEPENDENCIES
  barista
  haml
  sass
  sinatra
  therubyracer
  unicorn
