GEM
  remote: http://rubygems.org/
  specs:
    barista (1.0.0)
      coffee-script (~> 2.1.1)
    coffee-script (2.1.3)
      coffee-script-source
    coffee-script-source (1.1.1)
    daemons (1.1.3)
    eventmachine (0.12.10)
    haml (3.1.1)
    rack (1.3.0)
    rack-google-analytics (0.9.2)
    sass (3.1.1)
    sinatra (1.2.6)
      rack (~> 1.1)
      tilt (< 2.0, >= 1.2.2)
    thin (1.2.11)
      daemons (>= 1.0.9)
      eventmachine (>= 0.12.6)
      rack (>= 1.0.0)
    tilt (1.3.2)

PLATFORMS
  ruby

DEPENDENCIES
  barista
  haml
  rack-google-analytics
  sass
  sinatra
  thin
