GEM
  remote: https://rubygems.org/
  specs:
    barista (1.3.0)
      coffee-script (~> 2.2)
    coffee-script (2.2.0)
      coffee-script-source
      execjs
    coffee-script-source (1.6.1)
    execjs (1.4.0)
      multi_json (~> 1.0)
    haml (4.0.0)
      tilt
    kgio (2.8.0)
    libv8 (3.11.8.13)
    multi_json (1.6.1)
    rack (1.5.2)
    rack-protection (1.4.0)
      rack
    raindrops (0.10.0)
    ref (1.0.2)
    sass (3.2.6)
    sinatra (1.3.5)
      rack (~> 1.4)
      rack-protection (~> 1.3)
      tilt (~> 1.3, >= 1.3.3)
    therubyracer (0.11.4)
      libv8 (~> 3.11.8.12)
      ref
    tilt (1.3.4)
    unicorn (4.6.2)
      kgio (~> 2.6)
      rack
      raindrops (~> 0.7)

PLATFORMS
  ruby

DEPENDENCIES
  barista
  haml
  sass
  sinatra
  therubyracer
  unicorn
