GEM
  remote: http://rubygems.org/
  specs:
    barista (1.2.1)
      coffee-script (~> 2.2)
    coffee-script (2.2.0)
      coffee-script-source
      execjs
    coffee-script-source (1.1.1)
    execjs (1.1.3)
      multi_json (~> 1.0)
    haml (3.1.2)
    kgio (2.4.1)
    multi_json (1.0.3)
    rack (1.3.0)
    rack-google-analytics (0.9.2)
    sass (3.1.2)
    sinatra (1.2.6)
      rack (~> 1.1)
      tilt (>= 1.2.2, < 2.0)
    tilt (1.3.2)
    unicorn (3.7.0)
      kgio (~> 2.3)
      rack

PLATFORMS
  ruby

DEPENDENCIES
  barista
  haml
  rack-google-analytics
  sass
  sinatra
  unicorn
