GEM
  remote: http://rubygems.org/
  specs:
    barista (1.0.0)
      coffee-script (~> 2.1.1)
    coffee-script (2.1.3)
      coffee-script-source
    coffee-script-source (1.0.1)
    haml (3.0.25)
    rack (1.2.2)
    rack-google-analytics (0.9.2)
    sinatra (1.2.3)
      rack (~> 1.1)
      tilt (< 2.0, >= 1.2.2)
    therubyracer-heroku (0.8.1.pre3)
    tilt (1.2.2)

PLATFORMS
  ruby

DEPENDENCIES
  barista
  haml
  rack-google-analytics
  sinatra
  therubyracer-heroku
